GEM
  remote: https://rubygems.org/
  specs:
    aasm (3.0.22)
    actionmailer (3.2.14)
      actionpack (= 3.2.14)
      mail (~> 2.5.4)
    actionpack (3.2.14)
      activemodel (= 3.2.14)
      activesupport (= 3.2.14)
      builder (~> 3.0.0)
      erubis (~> 2.7.0)
      journey (~> 1.0.4)
      rack (~> 1.4.5)
      rack-cache (~> 1.2)
      rack-test (~> 0.6.1)
      sprockets (~> 2.2.1)
    activemodel (3.2.14)
      activesupport (= 3.2.14)
      builder (~> 3.0.0)
    activerecord (3.2.14)
      activemodel (= 3.2.14)
      activesupport (= 3.2.14)
      arel (~> 3.0.2)
      tzinfo (~> 0.3.29)
    activeresource (3.2.14)
      activemodel (= 3.2.14)
      activesupport (= 3.2.14)
    activesupport (3.2.14)
      i18n (~> 0.6, >= 0.6.4)
      multi_json (~> 1.0)
    airbrake (3.1.14)
      builder
      json
    arel (3.0.2)
    arrayfields (4.9.0)
    awesome_print (1.1.0)
    better_errors (1.0.1)
      coderay (>= 1.0.0)
      erubis (>= 2.6.6)
    binding_of_caller (0.7.2)
      debug_inspector (>= 0.0.1)
    bluff (0.1.0)
    bootstrap-datepicker-rails (1.1.1.7)
      railties (>= 3.0)
    bootstrap-sass (2.3.2.2)
      sass (~> 3.2)
    builder (3.0.4)
    callsite (0.0.11)
    cane (2.6.0)
      parallel
    capistrano (2.15.5)
      highline
      net-scp (>= 1.0.0)
      net-sftp (>= 2.0.0)
      net-ssh (>= 2.0.14)
      net-ssh-gateway (>= 1.1.0)
    capistrano-db-tasks (0.2)
    capybara (2.1.0)
      mime-types (>= 1.16)
      nokogiri (>= 1.3.3)
      rack (>= 1.0.0)
      rack-test (>= 0.5.4)
      xpath (~> 2.0)
    capybara-webkit (1.0.0)
      capybara (~> 2.0, >= 2.0.2)
      json
    carrierwave (0.9.0)
      activemodel (>= 3.2.0)
      activesupport (>= 3.2.0)
      json (>= 1.7)
    chronic (0.10.1)
    churn (0.0.33)
      chronic (>= 0.2.3)
      hirb
      json_pure
      main
      ruby_parser (~> 3.0)
      sexp_processor (~> 4.1)
    ckeditor (4.0.6)
      mime-types
      orm_adapter
    code_analyzer (0.4.2)
      sexp_processor
    code_metrics (0.1.0)
    coderay (1.0.9)
    coffee-rails (3.2.2)
      coffee-script (>= 2.2.0)
      railties (~> 3.2.0)
    coffee-script (2.2.0)
      coffee-script-source
      execjs
    coffee-script-source (1.6.3)
    colored (1.2)
    daemons (1.1.9)
    debug_inspector (0.0.2)
    diff-lcs (1.2.4)
    enumerize (0.7.0)
      activesupport (>= 3.2)
    erubis (2.7.0)
    eventmachine (1.0.3)
    execjs (2.0.1)
    fabrication (2.8.0)
    faker (1.2.0)
      i18n (~> 0.5)
    fattr (2.2.1)
    flay (2.4.0)
      ruby_parser (~> 3.0)
      sexp_processor (~> 4.0)
    flog (4.1.1)
      ruby_parser (~> 3.1, > 3.1.0)
      sexp_processor (~> 4.0)
    formtastic (2.2.1)
      actionpack (>= 3.0)
    formtastic-bootstrap (2.1.3)
      formtastic (~> 2.2)
    has_scope (0.6.0.rc)
      actionpack (>= 3.2, < 5)
      activesupport (>= 3.2, < 5)
    highline (1.6.19)
    hike (1.2.3)
    hirb (0.7.1)
    i18n (0.6.5)
    ims-lti (1.1.3)
      builder
      oauth (~> 0.4.5)
      uuid
    inherited_resources (1.4.1)
      has_scope (~> 0.6.0.rc)
      responders (~> 1.0.0.rc)
    journey (1.0.4)
    jquery-rails (3.0.4)
      railties (>= 3.0, < 5.0)
      thor (>= 0.14, < 2.0)
    json (1.8.0)
    json_pure (1.8.0)
    json_spec (1.1.1)
      multi_json (~> 1.0)
      rspec (~> 2.0)
    macaddr (1.6.1)
      systemu (~> 2.5.0)
    mail (2.5.4)
      mime-types (~> 1.16)
      treetop (~> 1.4.8)
    main (5.2.0)
      arrayfields (>= 4.7.4)
      chronic (>= 0.6.2)
      fattr (>= 2.2.0)
      map (>= 5.1.0)
    map (6.5.1)
    meta_request (0.2.8)
      callsite
      rack-contrib
      railties
    method_source (0.8.2)
    metric_fu (4.4.1)
      bluff
      cane (~> 2.5, >= 2.5.2)
      churn (~> 0.0.28)
      code_metrics (~> 0.1)
      coderay
      flay (~> 2.1, >= 2.0.1)
      flog (~> 4.1, >= 4.1.1)
      metric_fu-Saikuro (>= 1.1.1.0)
      multi_json
      rails_best_practices (~> 1.14, >= 1.14.3)
      redcard
      reek (~> 1.3, >= 1.3.3)
      roodi (~> 3.1)
    metric_fu-Saikuro (1.1.1.0)
    mime-types (1.25)
    mini_magick (3.6.0)
      subexec (~> 0.2.1)
    mini_portile (0.5.1)
    multi_json (1.7.9)
    mysql2 (0.3.13)
    net-scp (1.1.2)
      net-ssh (>= 2.6.5)
    net-sftp (2.1.2)
      net-ssh (>= 2.6.5)
    net-ssh (2.6.8)
    net-ssh-gateway (1.2.0)
      net-ssh (>= 2.6.5)
    newrelic_rpm (3.6.6.147)
    nokogiri (1.6.0)
      mini_portile (~> 0.5.0)
    oauth (0.4.7)
    orm_adapter (0.4.0)
    paper_trail (2.7.2)
      activerecord (~> 3.0)
      railties (~> 3.0)
    parallel (0.8.0)
    polyglot (0.3.3)
    progress (3.0.0)
    pry (0.9.12.2)
      coderay (~> 1.0.5)
      method_source (~> 0.8)
      slop (~> 3.4)
    pry-rails (0.3.2)
      pry (>= 0.9.10)
    quiet_assets (1.0.2)
      railties (>= 3.1, < 5.0)
    rabl (0.8.6)
      activesupport (>= 2.3.14)
    rack (1.4.5)
    rack-cache (1.2)
      rack (>= 0.4)
    rack-contrib (1.1.0)
      rack (>= 0.9.1)
    rack-ssl (1.3.3)
      rack
    rack-test (0.6.2)
      rack (>= 1.0)
    rack_session_access (0.1.1)
      builder (>= 2.0.0)
      rack (>= 1.0.0)
    rails (3.2.14)
      actionmailer (= 3.2.14)
      actionpack (= 3.2.14)
      activerecord (= 3.2.14)
      activeresource (= 3.2.14)
      activesupport (= 3.2.14)
      bundler (~> 1.0)
      railties (= 3.2.14)
    rails_best_practices (1.14.3)
      activesupport
      awesome_print
      code_analyzer (>= 0.4.2)
      colored
      erubis
      i18n
      require_all
      ruby-progressbar
    railties (3.2.14)
      actionpack (= 3.2.14)
      activesupport (= 3.2.14)
      rack-ssl (~> 1.3.2)
      rake (>= 0.8.7)
      rdoc (~> 3.4)
      thor (>= 0.14.6, < 2.0)
    rake (10.1.0)
    rdoc (3.12.2)
      json (~> 1.4)
    redcard (1.1.0)
    reek (1.3.3)
      ruby2ruby (~> 2.0.2)
      ruby_parser (~> 3.1, >= 3.1.1)
      sexp_processor
    require_all (1.3.0)
    responders (1.0.0.rc)
      railties (>= 3.2, < 5)
    rest-client (1.6.7)
      mime-types (>= 1.16)
    roodi (3.1.1)
      ruby_parser (~> 3.2, >= 3.2.2)
    rspec (2.14.1)
      rspec-core (~> 2.14.0)
      rspec-expectations (~> 2.14.0)
      rspec-mocks (~> 2.14.0)
    rspec-core (2.14.5)
    rspec-expectations (2.14.2)
      diff-lcs (>= 1.1.3, < 2.0)
    rspec-mocks (2.14.3)
    rspec-rails (2.14.0)
      actionpack (>= 3.0)
      activesupport (>= 3.0)
      railties (>= 3.0)
      rspec-core (~> 2.14.0)
      rspec-expectations (~> 2.14.0)
      rspec-mocks (~> 2.14.0)
    ruby-progressbar (1.2.0)
    ruby2ruby (2.0.6)
      ruby_parser (~> 3.1)
      sexp_processor (~> 4.0)
    ruby_parser (3.2.2)
      sexp_processor (~> 4.1)
    sass (3.2.10)
    sass-rails (3.2.6)
      railties (~> 3.2.0)
      sass (>= 3.1.10)
      tilt (~> 1.3)
    sexp_processor (4.4.0)
    shoulda-matchers (2.3.0)
      activesupport (>= 3.0.0)
    simplecov (0.7.1)
      multi_json (~> 1.0)
      simplecov-html (~> 0.7.1)
    simplecov-html (0.7.1)
    slop (3.4.6)
    sprockets (2.2.2)
      hike (~> 1.2)
      multi_json (~> 1.0)
      rack (~> 1.0)
      tilt (~> 1.1, != 1.3.0)
    subexec (0.2.3)
    systemu (2.5.2)
    tabs_on_rails (2.2.0)
    terminal-table (1.4.5)
    thin (1.5.1)
      daemons (>= 1.0.9)
      eventmachine (>= 0.12.6)
      rack (>= 1.0.0)
    thor (0.18.1)
    tilt (1.4.1)
    treetop (1.4.15)
      polyglot
      polyglot (>= 0.3.1)
    turbo-sprockets-rails3 (0.3.9)
      railties (> 3.2.8, < 4.0.0)
      sprockets (>= 2.0.0)
    twitter-bootstrap-rails-confirm (1.0.1)
    tzinfo (0.3.37)
    uglifier (2.2.1)
      execjs (>= 0.3.0)
      multi_json (~> 1.0, >= 1.0.2)
    unicode_utils (1.4.0)
    uuid (2.3.7)
      macaddr (~> 1.0)
    whenever (0.8.2)
      activesupport (>= 2.3.4)
      chronic (>= 0.6.3)
    will_paginate (3.0.4)
    xpath (2.0.0)
      nokogiri (~> 1.3)

PLATFORMS
  ruby

DEPENDENCIES
  aasm
  airbrake
  better_errors
  binding_of_caller
  bootstrap-datepicker-rails
  bootstrap-sass (~> 2.3.2.1)
  capistrano (~> 2.15.5)
  capistrano-db-tasks
  capybara
  capybara-webkit
  carrierwave
  ckeditor
  coffee-rails (~> 3.2.1)
  enumerize
  fabrication
  faker
  formtastic (~> 2.2)
  formtastic-bootstrap
  ims-lti
  inherited_resources
  jquery-rails
  json_spec
  meta_request
  metric_fu
  mini_magick
  mysql2
  newrelic_rpm
  nokogiri
  oauth
  paper_trail
  progress
  pry-rails (~> 0.3.2)
  quiet_assets
  rabl
  rack_session_access
  rails (~> 3.2.12)
  rest-client
  rspec-rails
  sass-rails (~> 3.2.3)
  shoulda-matchers
  simplecov
  tabs_on_rails
  terminal-table
  thin
  turbo-sprockets-rails3
  twitter-bootstrap-rails-confirm
  uglifier (>= 1.0.3)
  unicode_utils
  whenever
  will_paginate
